GEM
  remote: https://rubygems.org/
  specs:
    addressable (2.8.7)
      public_suffix (>= 2.0.2, < 7.0)
    bigdecimal (3.2.3)
    domain_name (0.6.20240107)
    dotenv (3.1.8)
    ffi (1.17.2-x64-mingw-ucrt)
    ffi-compiler (1.3.2)
      ffi (>= 1.15.5)
      rake
    http (5.3.1)
      addressable (~> 2.8)
      http-cookie (~> 1.0)
      http-form_data (~> 2.2)
      llhttp-ffi (~> 0.5.0)
    http-cookie (1.0.8)
      domain_name (~> 0.5)
    http-form_data (2.3.0)
    llhttp-ffi (0.5.1)
      ffi-compiler (~> 1.0)
      rake (~> 13.0)
    nokogiri (1.18.9-x64-mingw-ucrt)
      racc (~> 1.4)
    public_suffix (6.0.2)
    racc (1.8.1)
    rake (13.3.0)
    sequel (5.96.0)
      bigdecimal
    sqlite3 (2.7.3-x64-mingw-ucrt)

PLATFORMS
  x64-mingw-ucrt

DEPENDENCIES
  dotenv
  http
  nokogiri
  sequel
  sqlite3

RUBY VERSION
   ruby 3.4.5p51

BUNDLED WITH
   2.7.1
